GEM
  remote: https://rubygems.org/
  specs:
    mustermann (1.0.3)
    rack (2.0.5)
    rack-protection (2.0.4)
      rack
    shotgun (0.9.2)
      rack (>= 1.0)
    sinatra (2.0.4)
      mustermann (~> 1.0)
      rack (~> 2.0)
      rack-protection (= 2.0.4)
      tilt (~> 2.0)
    tilt (2.0.8)

PLATFORMS
  x64-mingw32

DEPENDENCIES
  shotgun
  sinatra

RUBY VERSION
   ruby 2.4.4p296

BUNDLED WITH
   1.16.5
